PATH
  remote: .
  specs:
    online_betaal_platform (0.1.0)
      http
      oj

GEM
  remote: https://rubygems.org/
  specs:
    addressable (2.6.0)
      public_suffix (>= 2.0.2, < 4.0)
    byebug (11.0.0)
    crack (0.4.3)
      safe_yaml (~> 1.0.0)
    domain_name (0.5.20180417)
      unf (>= 0.0.5, < 1.0.0)
    dotenv (2.7.1)
    hashdiff (0.3.8)
    http (4.1.1)
      addressable (~> 2.3)
      http-cookie (~> 1.0)
      http-form_data (~> 2.0)
      http_parser.rb (~> 0.6.0)
    http-cookie (1.0.3)
      domain_name (~> 0.5)
    http-form_data (2.1.1)
    http_parser.rb (0.6.0)
    minitest (5.11.3)
    oj (3.7.11)
    public_suffix (3.0.3)
    rake (10.5.0)
    safe_yaml (1.0.5)
    unf (0.1.4)
      unf_ext
    unf_ext (0.0.7.5)
    vcr (4.0.0)
    webmock (3.5.1)
      addressable (>= 2.3.6)
      crack (>= 0.3.2)
      hashdiff

PLATFORMS
  ruby

DEPENDENCIES
  bundler (~> 1.17)
  byebug
  dotenv
  minitest
  online_betaal_platform!
  rake (~> 10.0)
  vcr
  webmock

BUNDLED WITH
   1.17.3
