PATH
  remote: .
  specs:
    online_betaal_platform (0.1.0)
      oj (~> 3.7)
      rack (~> 2.0.6)

GEM
  remote: https://rubygems.org/
  specs:
    addressable (2.6.0)
      public_suffix (>= 2.0.2, < 4.0)
    ast (2.4.0)
    byebug (11.0.0)
    crack (0.4.3)
      safe_yaml (~> 1.0.0)
    dotenv (2.7.1)
    hashdiff (0.3.8)
    jaro_winkler (1.5.2)
    minitest (5.11.3)
    oj (3.7.11)
    parallel (1.17.0)
    parser (2.6.2.1)
      ast (~> 2.4.0)
    psych (3.1.0)
    public_suffix (3.0.3)
    rack (2.0.7)
    rainbow (3.0.0)
    rake (10.5.0)
    rubocop (0.67.2)
      jaro_winkler (~> 1.5.1)
      parallel (~> 1.10)
      parser (>= 2.5, != 2.5.1.1)
      psych (>= 3.1.0)
      rainbow (>= 2.2.2, < 4.0)
      ruby-progressbar (~> 1.7)
      unicode-display_width (>= 1.4.0, < 1.6)
    rubocop-performance (1.1.0)
      rubocop (>= 0.67.0)
    ruby-progressbar (1.10.0)
    safe_yaml (1.0.5)
    unicode-display_width (1.5.0)
    vcr (4.0.0)
    webmock (3.5.1)
      addressable (>= 2.3.6)
      crack (>= 0.3.2)
      hashdiff

PLATFORMS
  ruby

DEPENDENCIES
  bundler (~> 1.17)
  byebug (~> 11.0)
  dotenv (~> 2.7)
  minitest (~> 5.11)
  online_betaal_platform!
  rake (~> 10.0)
  vcr (~> 4.0)
  webmock (~> 3.5)

BUNDLED WITH
   1.17.3
